GEM
  remote: http://rubygems.org/
  specs:
    rack (1.2.1)
    sinatra (1.1.2)
      rack (~> 1.1)
      tilt (~> 1.2)
    tilt (1.2.2)
    win32-api (1.4.8-x86-mingw32)

PLATFORMS
  x86-mingw32

DEPENDENCIES
  sinatra
  win32-api
