GEM
  remote: http://rubygems.org/
  specs:
    activemodel (3.0.0)
      activesupport (= 3.0.0)
      builder (~> 2.1.2)
      i18n (~> 0.4.1)
    activerecord (3.0.0)
      activemodel (= 3.0.0)
      activesupport (= 3.0.0)
      arel (~> 1.0.0)
      tzinfo (~> 0.3.23)
    activesupport (3.0.0)
    arel (1.0.1)
      activesupport (~> 3.0.0)
    builder (2.1.2)
    i18n (0.4.2)
    json (1.4.6-x86-mingw32)
    mime-types (1.16)
    mysql (2.8.1-x86-mingw32)
    rack (1.2.1)
    rest-client (1.6.1)
      mime-types (>= 1.16)
    sinatra (1.1.2)
      rack (~> 1.1)
      tilt (~> 1.2)
    tilt (1.2.2)
    tzinfo (0.3.24)
    win32-api (1.4.8-x86-mingw32)

PLATFORMS
  x86-mingw32

DEPENDENCIES
  activerecord
  json (= 1.4.6)
  mysql
  rest-client
  sinatra
  win32-api
